GEM
  remote: http://rubygems.org/
  specs:
    Ascii85 (1.0.1)
    faker (1.0.1)
      i18n (~> 0.4)
    i18n (0.6.0)
    pdf-reader (1.1.0)
      Ascii85 (~> 1.0.0)
      ruby-rc4
    prawn (0.12.0)
      pdf-reader (>= 0.9.0)
      ttfunk (~> 1.0.2)
    ruby-rc4 (0.1.5)
    ttfunk (1.0.3)

PLATFORMS
  java

DEPENDENCIES
  faker
  prawn
